GEM
  remote: https://rubygems.org/
  specs:
    slop (4.3.0)

PLATFORMS
  ruby

DEPENDENCIES
  slop

BUNDLED WITH
   1.11.2
